PATH
  remote: .
  specs:
    s3_form_presenter (0.0.6)

GEM
  remote: http://rubygems.org/
  specs:

PLATFORMS
  ruby

DEPENDENCIES
  s3_form_presenter!
